GEM
  remote: https://rubygems.org/
  specs:
    esa (1.8.0)
      faraday (~> 0.9)
      faraday_middleware
      mime-types (~> 2.6)
      multi_xml (~> 0.5.5)
    faraday (0.12.1)
      multipart-post (>= 1.2, < 3)
    faraday_middleware (0.11.0.1)
      faraday (>= 0.7.4, < 1.0)
    mime-types (2.99.3)
    multi_xml (0.5.5)
    multipart-post (2.0.0)

PLATFORMS
  ruby

DEPENDENCIES
  esa

BUNDLED WITH
   1.15.1
